GEM
  remote: https://ruby.taobao.org/
  specs:
    actionmailer (4.1.0)
      actionpack (= 4.1.0)
      actionview (= 4.1.0)
      mail (~> 2.5.4)
    actionpack (4.1.0)
      actionview (= 4.1.0)
      activesupport (= 4.1.0)
      rack (~> 1.5.2)
      rack-test (~> 0.6.2)
    actionview (4.1.0)
      activesupport (= 4.1.0)
      builder (~> 3.1)
      erubis (~> 2.7.0)
    activemodel (4.1.0)
      activesupport (= 4.1.0)
      builder (~> 3.1)
    activerecord (4.1.0)
      activemodel (= 4.1.0)
      activesupport (= 4.1.0)
      arel (~> 5.0.0)
    activerecord-postgis-adapter (2.2.1)
      activerecord (>= 4.0.0, < 4.2.0)
      rgeo-activerecord (~> 1.2)
    activesupport (4.1.0)
      i18n (~> 0.6, >= 0.6.9)
      json (~> 1.7, >= 1.7.7)
      minitest (~> 5.1)
      thread_safe (~> 0.1)
      tzinfo (~> 1.1)
    arel (5.0.1.20140414130214)
    autoprefixer-rails (5.1.7)
      execjs
      json
    binding_of_caller (0.7.2)
      debug_inspector (>= 0.0.1)
    bootstrap-sass (3.3.3)
      autoprefixer-rails (>= 5.0.0.1)
      sass (>= 3.2.19)
    bootstrap-will_paginate (0.0.10)
      will_paginate
    builder (3.2.2)
    byebug (3.5.1)
      columnize (~> 0.8)
      debugger-linecache (~> 1.2)
      slop (~> 3.6)
    chartkick (1.3.2)
    china_city (0.0.4)
      jquery-rails
      rails (>= 3.1.0)
    codemirror-rails (5.0)
      railties (>= 3.0, < 5)
    coffee-rails (4.1.0)
      coffee-script (>= 2.2.0)
      railties (>= 4.0.0, < 5.0)
    coffee-script (2.3.0)
      coffee-script-source
      execjs
    coffee-script-source (1.9.1)
    columnize (0.9.0)
    dbf (2.0.9)
      fastercsv (~> 1.5)
    debug_inspector (0.0.2)
    debugger-linecache (1.2.0)
    erubis (2.7.0)
    execjs (2.4.0)
    fastercsv (1.5.5)
    groupdate (2.4.0)
      activesupport (>= 3)
    highcharts-rails (4.0.4.1)
      railties (>= 3.1)
    hike (1.2.3)
    i18n (0.7.0)
    iconv (1.0.4)
    jbuilder (2.2.11)
      activesupport (>= 3.0.0, < 5)
      multi_json (~> 1.2)
    jquery-migrate-rails (1.2.1)
    jquery-rails (3.1.2)
      railties (>= 3.0, < 5.0)
      thor (>= 0.14, < 2.0)
    json (1.8.2)
    mail (2.5.4)
      mime-types (~> 1.16)
      treetop (~> 1.4.8)
    mime-types (1.25.1)
    minitest (5.5.1)
    multi_json (1.11.0)
    narray (0.6.1.1)
    narray_miss (1.2.8)
      narray
    pg (0.18.1)
    polyglot (0.3.5)
    rack (1.5.2)
    rack-test (0.6.3)
      rack (>= 1.0)
    rails (4.1.0)
      actionmailer (= 4.1.0)
      actionpack (= 4.1.0)
      actionview (= 4.1.0)
      activemodel (= 4.1.0)
      activerecord (= 4.1.0)
      activesupport (= 4.1.0)
      bundler (>= 1.3.0, < 2.0)
      railties (= 4.1.0)
      sprockets-rails (~> 2.0)
    railties (4.1.0)
      actionpack (= 4.1.0)
      activesupport (= 4.1.0)
      rake (>= 0.8.7)
      thor (>= 0.18.1, < 2.0)
    rake (10.4.2)
    rdoc (4.2.0)
      json (~> 1.4)
    rgeo (0.3.20)
    rgeo-activerecord (1.2.0)
      activerecord (~> 4.0)
      rgeo (~> 0.3)
    rgeo-geojson (0.3.1)
      rgeo (~> 0.3)
    rgeo-shapefile (0.2.3)
      dbf (>= 1.7.0)
      rgeo (>= 0.3.3)
    ruby-netcdf (0.7.1.1)
      narray
      narray_miss
    sass (3.4.13)
    sass-rails (5.0.1)
      railties (>= 4.0.0, < 5.0)
      sass (~> 3.1)
      sprockets (>= 2.8, < 4.0)
      sprockets-rails (>= 2.0, < 4.0)
      tilt (~> 1.1)
    sdoc (0.4.1)
      json (~> 1.7, >= 1.7.7)
      rdoc (~> 4.0)
    simple_form (3.1.0)
      actionpack (~> 4.0)
      activemodel (~> 4.0)
    slop (3.6.0)
    spring (1.3.3)
    sprockets (2.12.3)
      hike (~> 1.2)
      multi_json (~> 1.0)
      rack (~> 1.0)
      tilt (~> 1.1, != 1.3.0)
    sprockets-rails (2.2.4)
      actionpack (>= 3.0)
      activesupport (>= 3.0)
      sprockets (>= 2.8, < 4.0)
    thor (0.19.1)
    thread_safe (0.3.4)
    tilt (1.4.1)
    treetop (1.4.15)
      polyglot
      polyglot (>= 0.3.1)
    turbolinks (2.5.3)
      coffee-rails
    tzinfo (1.2.2)
      thread_safe (~> 0.1)
    uglifier (2.7.1)
      execjs (>= 0.3.0)
      json (>= 1.8.0)
    web-console (2.1.1)
      activemodel (>= 4.0)
      binding_of_caller (>= 0.7.2)
      railties (>= 4.0)
      sprockets-rails (>= 2.0, < 4.0)
    will_paginate (3.0.7)

PLATFORMS
  ruby

DEPENDENCIES
  activerecord-postgis-adapter
  bootstrap-sass (~> 3.3.3)
  bootstrap-will_paginate
  byebug
  chartkick (~> 1.3.2)
  china_city (~> 0.0.4)
  codemirror-rails
  coffee-rails (~> 4.1.0)
  dbf
  groupdate
  highcharts-rails (~> 4.0.4.1)
  iconv (~> 1.0.4)
  jbuilder (~> 2.0)
  jquery-migrate-rails (~> 1.2.1)
  jquery-rails
  pg
  rails (= 4.1.0)
  rgeo-geojson
  rgeo-shapefile
  ruby-netcdf (~> 0.7.1.1)
  sass-rails (~> 5.0)
  sdoc (~> 0.4.0)
  simple_form (~> 3.1.0)
  spring
  sprockets-rails
  turbolinks
  uglifier (>= 1.3.0)
  web-console (~> 2.0)
  will_paginate (~> 3.0.6)
